GEM
  remote: https://rubygems.org/
  specs:
    ast (2.4.0)
    hoe (3.22.3)
      rake (>= 0.8, < 15.0)
    jaro_winkler (1.5.1)
    mustermann (1.1.1)
      ruby2_keywords (~> 0.0.1)
    parallel (1.12.1)
    parser (2.5.1.0)
      ast (~> 2.4.0)
    powerpack (0.1.2)
    rack (2.2.8)
    rack-protection (2.1.0)
      rack
    rack-test (1.1.0)
      rack (>= 1.0, < 3)
    rainbow (3.0.0)
    rake (13.0.3)
    rubocop (0.57.2)
      jaro_winkler (~> 1.5.1)
      parallel (~> 1.10)
      parser (>= 2.5)
      powerpack (~> 0.1)
      rainbow (>= 2.2.2, < 4.0)
      ruby-progressbar (~> 1.7)
      unicode-display_width (~> 1.0, >= 1.0.1)
    ruby-progressbar (1.9.0)
    ruby2_keywords (0.0.4)
    sinatra (2.1.0)
      mustermann (~> 1.0)
      rack (~> 2.2)
      rack-protection (= 2.1.0)
      tilt (~> 2.0)
    test-unit (1.2.3)
      hoe (>= 1.5.1)
    tilt (2.0.10)
    unicode-display_width (1.4.0)

PLATFORMS
  ruby

DEPENDENCIES
  rack-test
  rubocop
  sinatra
  test-unit (= 1.2.3)

BUNDLED WITH
   2.0.2
